PATH
  remote: ruby/bps-kafka
  specs:
    bps-kafka (0.2.1)
      bps (= 0.2.1)
      ruby-kafka (>= 1.1.0.beta1)

PATH
  remote: ruby/bps-nats
  specs:
    bps-nats (0.2.1)
      bps (= 0.2.1)
      nats-pure (~> 0.6.2)

PATH
  remote: ruby/bps-stan
  specs:
    bps-stan (0.2.1)
      bps (= 0.2.1)
      nats-streaming (~> 0.2.2)

PATH
  remote: ruby/bps
  specs:
    bps (0.2.1)

GEM
  remote: https://rubygems.org/
  specs:
    activesupport (6.1.1)
      concurrent-ruby (~> 1.0, >= 1.0.2)
      i18n (>= 1.6, < 2)
      minitest (>= 5.1)
      tzinfo (~> 2.0)
      zeitwerk (~> 2.3)
    ast (2.4.1)
    concurrent-ruby (1.1.7)
    diff-lcs (1.4.4)
    digest-crc (0.6.3)
      rake (>= 12.0.0, < 14.0.0)
    google-protobuf (3.15.1)
    i18n (1.8.7)
      concurrent-ruby (~> 1.0)
    minitest (5.14.3)
    nats-pure (0.6.2)
    nats-streaming (0.2.2)
      google-protobuf (~> 3)
      nats-pure (~> 0)
    parallel (1.20.1)
    parser (3.0.0.0)
      ast (~> 2.4.1)
    rack (2.2.3)
    rainbow (3.0.0)
    rake (13.0.1)
    regexp_parser (2.0.3)
    rexml (3.2.5)
    rspec (3.9.0)
      rspec-core (~> 3.9.0)
      rspec-expectations (~> 3.9.0)
      rspec-mocks (~> 3.9.0)
    rspec-core (3.9.3)
      rspec-support (~> 3.9.3)
    rspec-expectations (3.9.2)
      diff-lcs (>= 1.2.0, < 2.0)
      rspec-support (~> 3.9.0)
    rspec-mocks (3.9.1)
      diff-lcs (>= 1.2.0, < 2.0)
      rspec-support (~> 3.9.0)
    rspec-support (3.9.3)
    rubocop (1.8.1)
      parallel (~> 1.10)
      parser (>= 3.0.0.0)
      rainbow (>= 2.2.2, < 4.0)
      regexp_parser (>= 1.8, < 3.0)
      rexml
      rubocop-ast (>= 1.2.0, < 2.0)
      ruby-progressbar (~> 1.7)
      unicode-display_width (>= 1.4.0, < 3.0)
    rubocop-ast (1.4.0)
      parser (>= 2.7.1.5)
    rubocop-bsm (0.5.3)
      rubocop (~> 1.0)
      rubocop-performance
      rubocop-rails
      rubocop-rake
      rubocop-rspec
    rubocop-performance (1.9.2)
      rubocop (>= 0.90.0, < 2.0)
      rubocop-ast (>= 0.4.0)
    rubocop-rails (2.9.1)
      activesupport (>= 4.2.0)
      rack (>= 1.1)
      rubocop (>= 0.90.0, < 2.0)
    rubocop-rake (0.5.1)
      rubocop
    rubocop-rspec (2.1.0)
      rubocop (~> 1.0)
      rubocop-ast (>= 1.1.0)
    ruby-kafka (1.3.0)
      digest-crc
    ruby-progressbar (1.11.0)
    tzinfo (2.0.4)
      concurrent-ruby (~> 1.0)
    unicode-display_width (2.0.0)
    zeitwerk (2.4.2)

PLATFORMS
  ruby

DEPENDENCIES
  bps!
  bps-kafka!
  bps-nats!
  bps-stan!
  rake
  rspec
  rubocop-bsm

BUNDLED WITH
   2.1.4
